NUGET
  remote: https://nuget.org/api/v2
  specs:
    Albedo (1.0.2)
    AutoFixture (3.36.9)
    AutoFixture.Idioms (3.36.9)
      Albedo (>= 1.0.1)
      AutoFixture (>= 3.36.9)
    AutoFixture.Idioms.FsCheck (3.36.9)
      AutoFixture (>= 3.36.9)
      AutoFixture.Idioms (>= 3.36.9)
      FsCheck (>= 0.9.2)
    Deedle (1.2.4)
    Deedle.RPlugin (1.2.4)
      Deedle (>= 1.2.4)
      R.NET.Community (>= 1.6.4)
      R.NET.Community.FSharp (>= 1.6.4)
      RProvider (>= 1.1.13)
    DynamicInterop (0.7.4)
    encog-dotnet-core (3.3.0)
    ExtCore (0.8.45)
    FAKE (4.7.2)
    Foogle.Charts (0.0.5)
    FsCheck (2.1.0)
      FSharp.Core (>= 3.1.2.5)
    FsCheck.Nunit (2.1.0)
      FsCheck (>= 2.1.0)
      NUnit (>= 2.6.4)
      NUnit.Runners (>= 2.6.4)
    FsControl (1.0.13)
    FSharp.Charting (0.90.12)
    FSharp.Compiler.Service (1.4.0.6)
    FSharp.Control.AsyncSeq (2.0.2)
    FSharp.Core (4.0.0.1)
    FSharp.Data (2.2.5)
      Zlib.Portable (>= 1.10.0) - framework: portable-net40+sl50+wp80+win80
    FSharp.Formatting (2.12.0)
      FSharp.Compiler.Service (1.4.0.6)
      FSharpVSPowerTools.Core (2.1.0)
    FSharpPlus (0.0.4)
      FsControl (>= 1.0.9)
    FSharpVSPowerTools.Core (2.1.0)
      FSharp.Compiler.Service (>= 1.4.0.6)
    FSharpx (1.2.1.110910)
    FSharpx.Async (1.12.0)
      FSharp.Control.AsyncSeq
    FSharpx.Collections (1.13.4)
      FSharp.Core (>= 3.0.0)
    FsLab (0.3.8)
      Deedle (1.2.4)
      Deedle.RPlugin (1.2.4)
      Foogle.Charts (0.0.5)
      FSharp.Charting (0.90.12)
      FSharp.Data (2.2.5)
      Google.DataTable.Net.Wrapper (3.1.2.0)
      MathNet.Numerics (3.8.0)
      MathNet.Numerics.FSharp (3.8.0)
      Newtonsoft.Json (7.0.1)
      R.NET.Community (1.6.4)
      R.NET.Community.FSharp (1.6.4)
      RProvider (1.1.14)
      XPlot.GoogleCharts (1.2.1)
      XPlot.GoogleCharts.Deedle (1.2.1)
      XPlot.Plotly (1.2.1)
    Google.DataTable.Net.Wrapper (3.1.2.0)
    Http.fs (1.5.1)
    MathNet.Numerics (3.8.0)
      TaskParallelLibrary (>= 1.0.2856.0) - framework: net35
    MathNet.Numerics.FSharp (3.8.0)
      FSharp.Core (>= 3.1.2.5)
      MathNet.Numerics (3.8.0)
    Microsoft.Bcl (1.1.10)
      Microsoft.Bcl.Build (>= 1.0.14)
    Microsoft.Bcl.Build (1.0.21) - import_targets: false
    Microsoft.Net.Http (2.2.29)
      Microsoft.Bcl (>= 1.1.10)
      Microsoft.Bcl.Build (>= 1.0.14)
    Newtonsoft.Json (7.0.1)
    NuGet.CommandLine (2.8.6)
    NUnit (2.6.4)
    NUnit.Runners (2.6.4)
    Octokit (0.16.0)
      Microsoft.Net.Http
    R.NET.Community (1.6.4)
      DynamicInterop (0.7.4)
    R.NET.Community.FSharp (1.6.4)
      R.NET.Community (>= 1.6.4)
    RProvider (1.1.14)
      DynamicInterop (0.7.4)
      R.NET.Community (1.6.4)
      R.NET.Community.FSharp (1.6.4)
    SourceLink.Fake (1.1.0)
    TaskParallelLibrary (1.0.2856) - framework: net35
    XPlot.GoogleCharts (1.2.1)
      Google.DataTable.Net.Wrapper
      Newtonsoft.Json
    XPlot.GoogleCharts.Deedle (1.2.1)
      Deedle
      XPlot.GoogleCharts (>= 1.2.1)
    XPlot.Plotly (1.2.1)
      Http.fs
      Newtonsoft.Json
    Zlib.Portable (1.11.0) - framework: portable-net40+sl50+wp80+win80
GITHUB
  remote: fsharp/FAKE
  specs:
    modules/Octokit/Octokit.fsx (494c549c61dc15ab798b7b92cb4ac6e981267f49)
      Octokit